GEM
  remote: https://rubygems.org/
  specs:
    execjs (2.7.0)
    power_assert (1.1.5)
    test-unit (3.3.3)
      power_assert

PLATFORMS
  ruby

DEPENDENCIES
  execjs
  test-unit

BUNDLED WITH
   2.1.0.pre.1
