GEM
  remote: https://rubygems.org/
  specs:
    execjs (2.7.0)
    power_assert (1.1.5)
    test-unit (3.3.3)
      power_assert
    therubyrhino (2.1.2)
      therubyrhino_jar (>= 1.7.4, < 1.7.9)
    therubyrhino_jar (1.7.8)

PLATFORMS
  ruby

DEPENDENCIES
  execjs
  test-unit
  therubyrhino

BUNDLED WITH
   2.1.0.pre.1
